GEM
  remote: http://rubygems.org/
  specs:
    fubudocs (0.9.0.51036)
    fuburake (0.5.0.51002)
    rake (10.0.4)
    ripple-cli (2.0.0.58)

PLATFORMS
  x86-mingw32

DEPENDENCIES
  bundler (>= 1.3.5)
  fubudocs
  fuburake
  rake (>= 10.0.3)
  ripple-cli
